GEM
  remote: https://rubygems.org/
  specs:
    builder (3.2.3)
    json (2.1.0)

PLATFORMS
  ruby

DEPENDENCIES
  builder
  json

BUNDLED WITH
   1.16.1
